GIT
  remote: git://github.com/plataformatec/devise.git
  revision: 359fdd840c1bc55eb7ba5fdcf5b8dd8df02378d1
  specs:
    devise (2.2.3)
      bcrypt-ruby (~> 3.0)
      orm_adapter (~> 0.1)
      railties (~> 3.1)
      warden (~> 1.2.1)

GIT
  remote: git://github.com/seyhunak/twitter-bootstrap-rails.git
  revision: 5558b1da55f0fff6a6bbe9067acba3b0ec81f78c
  specs:
    twitter-bootstrap-rails (2.2.3)
      actionpack (>= 3.1)
      execjs
      railties (>= 3.1)

GEM
  remote: https://rubygems.org/
  specs:
    actionmailer (3.2.11)
      actionpack (= 3.2.11)
      mail (~> 2.4.4)
    actionpack (3.2.11)
      activemodel (= 3.2.11)
      activesupport (= 3.2.11)
      builder (~> 3.0.0)
      erubis (~> 2.7.0)
      journey (~> 1.0.4)
      rack (~> 1.4.0)
      rack-cache (~> 1.2)
      rack-test (~> 0.6.1)
      sprockets (~> 2.2.1)
    activemodel (3.2.11)
      activesupport (= 3.2.11)
      builder (~> 3.0.0)
    activerecord (3.2.11)
      activemodel (= 3.2.11)
      activesupport (= 3.2.11)
      arel (~> 3.0.2)
      tzinfo (~> 0.3.29)
    activeresource (3.2.11)
      activemodel (= 3.2.11)
      activesupport (= 3.2.11)
    activesupport (3.2.11)
      i18n (~> 0.6)
      multi_json (~> 1.0)
    arel (3.0.2)
    attr_required (0.0.5)
    bcrypt-ruby (3.0.1)
    bootstrap-sass (2.2.2.0)
      sass (~> 3.2)
    builder (3.0.4)
    climate_control (0.0.3)
      activesupport (>= 3.0)
    cocaine (0.5.1)
      climate_control (>= 0.0.3, < 1.0)
    coffee-rails (3.2.2)
      coffee-script (>= 2.2.0)
      railties (~> 3.2.0)
    coffee-script (2.2.0)
      coffee-script-source
      execjs
    coffee-script-source (1.4.0)
    erb2haml (0.1.2)
      haml
      hpricot
      ruby_parser
    erubis (2.7.0)
    execjs (1.4.0)
      multi_json (~> 1.0)
    font-awesome-sass-rails (3.0.0.1)
      railties (>= 3.1.1)
      sass-rails (>= 3.1.1)
    haml (3.1.7)
    haml-rails (0.3.5)
      actionpack (>= 3.1, < 4.1)
      activesupport (>= 3.1, < 4.1)
      haml (~> 3.1)
      railties (>= 3.1, < 4.1)
    hike (1.2.1)
    hpricot (0.8.6)
    i18n (0.6.1)
    journey (1.0.4)
    jquery-rails (2.1.4)
      railties (>= 3.0, < 5.0)
      thor (>= 0.14, < 2.0)
    jquery-ui-rails (3.0.1)
      jquery-rails
      railties (>= 3.1.0)
    json (1.7.6)
    kaminari (0.14.1)
      actionpack (>= 3.0.0)
      activesupport (>= 3.0.0)
    kgio (2.8.0)
    libv8 (3.11.8.13)
    mail (2.4.4)
      i18n (>= 0.4.0)
      mime-types (~> 1.16)
      treetop (~> 1.4.8)
    mime-types (1.19)
    multi_json (1.5.0)
    nested_form (0.3.1)
    nokogiri (1.5.6)
    orm_adapter (0.4.0)
    paperclip (3.4.1)
      activemodel (>= 3.0.0)
      activerecord (>= 3.0.0)
      activesupport (>= 3.0.0)
      cocaine (~> 0.5.0)
      mime-types
    paypal-express (0.5.3)
      activesupport (>= 2.3)
      attr_required (>= 0.0.5)
      i18n
      restclient_with_cert
    polyglot (0.3.3)
    rack (1.4.3)
    rack-cache (1.2)
      rack (>= 0.4)
    rack-pjax (0.7.0)
      nokogiri (~> 1.5)
      rack (~> 1.3)
    rack-ssl (1.3.2)
      rack
    rack-test (0.6.2)
      rack (>= 1.0)
    rails (3.2.11)
      actionmailer (= 3.2.11)
      actionpack (= 3.2.11)
      activerecord (= 3.2.11)
      activeresource (= 3.2.11)
      activesupport (= 3.2.11)
      bundler (~> 1.0)
      railties (= 3.2.11)
    rails_admin (0.4.1)
      bootstrap-sass (~> 2.1)
      builder (~> 3.0)
      coffee-rails (~> 3.1)
      font-awesome-sass-rails (~> 3.0, >= 3.0.0.1)
      haml (~> 3.1)
      jquery-rails (~> 2.1)
      jquery-ui-rails (~> 3.0)
      kaminari (~> 0.14)
      nested_form (~> 0.2)
      rack-pjax (~> 0.6)
      rails (~> 3.1)
      remotipart (~> 1.0)
      sass-rails (~> 3.1)
    railties (3.2.11)
      actionpack (= 3.2.11)
      activesupport (= 3.2.11)
      rack-ssl (~> 1.3.2)
      rake (>= 0.8.7)
      rdoc (~> 3.4)
      thor (>= 0.14.6, < 2.0)
    raindrops (0.10.0)
    rake (10.0.3)
    rdoc (3.12)
      json (~> 1.4)
    ref (1.0.2)
    remotipart (1.0.2)
    rest-client (1.6.7)
      mime-types (>= 1.16)
    restclient_with_cert (0.0.8)
      rest-client (>= 1.6)
    ruby_parser (3.1.1)
      sexp_processor (~> 4.1)
    sass (3.2.5)
    sass-rails (3.2.5)
      railties (~> 3.2.0)
      sass (>= 3.1.10)
      tilt (~> 1.3)
    sexp_processor (4.1.4)
    simple_form (2.1.0)
      actionpack (~> 3.0)
      activemodel (~> 3.0)
    sprockets (2.2.2)
      hike (~> 1.2)
      multi_json (~> 1.0)
      rack (~> 1.0)
      tilt (~> 1.1, != 1.3.0)
    sqlite3 (1.3.6)
    therubyracer (0.11.3)
      libv8 (~> 3.11.8.12)
      ref
    thor (0.16.0)
    tilt (1.3.3)
    treetop (1.4.12)
      polyglot
      polyglot (>= 0.3.1)
    tzinfo (0.3.35)
    uglifier (1.3.0)
      execjs (>= 0.3.0)
      multi_json (~> 1.0, >= 1.0.2)
    ui_datepicker-rails3 (1.1.1)
    unicorn (4.6.0)
      kgio (~> 2.6)
      rack
      raindrops (~> 0.7)
    warden (1.2.1)
      rack (>= 1.0)

PLATFORMS
  ruby

DEPENDENCIES
  coffee-rails (~> 3.2.1)
  devise!
  erb2haml
  haml-rails
  jquery-rails
  paperclip
  paypal-express
  rails (= 3.2.11)
  rails_admin
  sass-rails (~> 3.2.3)
  simple_form
  sqlite3
  therubyracer
  twitter-bootstrap-rails!
  uglifier (>= 1.0.3)
  ui_datepicker-rails3
  unicorn
